PATH
  remote: .
  specs:
    cliffy (0.4.0)

GEM
  remote: https://rubygems.org/
  specs:
    minitest (5.15.0)
    rake (13.0.6)

PLATFORMS
  x86_64-darwin-21

DEPENDENCIES
  cliffy!
  minitest (~> 5.0)
  rake (~> 13.0)

BUNDLED WITH
   2.3.3
